GIT
  remote: https://github.com/adityagodbole/em-hiredis
  revision: 5977073cfbc002666cae0baa626a1f76f8c29ad5
  branch: master
  specs:
    em-hiredis (0.3.0)
      eventmachine (~> 1.0)
      hiredis (~> 0.5.0)

PATH
  remote: /Users/piyush/datascale/gilmour
  specs:
    gilmour (0.2.1)
      amqp
      gilmour-em-hiredis
      mash
      redis

GEM
  remote: https://rubygems.org/
  specs:
    amq-protocol (1.9.2)
    amqp (1.5.0)
      amq-protocol (>= 1.9.2)
      eventmachine
    diff-lcs (1.2.5)
    eventmachine (1.0.7)
    eventmachine_httpserver (0.2.1)
    gilmour-em-hiredis (0.3.0)
      eventmachine (~> 1.0)
      hiredis (~> 0.5.0)
    given_core (3.7.0)
      sorcerer (>= 0.3.7)
    hiredis (0.5.2)
    json (1.8.3)
    mash (0.1.1)
    pagerduty (2.0.1)
      json (>= 1.7.7)
    redis (3.2.1)
    rspec (3.2.0)
      rspec-core (~> 3.2.0)
      rspec-expectations (~> 3.2.0)
      rspec-mocks (~> 3.2.0)
    rspec-core (3.2.3)
      rspec-support (~> 3.2.0)
    rspec-expectations (3.2.1)
      diff-lcs (>= 1.2.0, < 2.0)
      rspec-support (~> 3.2.0)
    rspec-given (3.7.0)
      given_core (= 3.7.0)
      rspec (>= 2.14.0)
    rspec-mocks (3.2.1)
      diff-lcs (>= 1.2.0, < 2.0)
      rspec-support (~> 3.2.0)
    rspec-support (3.2.2)
    sorcerer (1.0.2)

PLATFORMS
  ruby

DEPENDENCIES
  em-hiredis!
  eventmachine_httpserver
  gilmour!
  pagerduty
  rspec (~> 3.0)
  rspec-given

BUNDLED WITH
   1.10.2
