GIT
  remote: https://github.com/adityagodbole/em-hiredis
  revision: 5977073cfbc002666cae0baa626a1f76f8c29ad5
  branch: master
  specs:
    em-hiredis (0.3.0)
      eventmachine (~> 1.0)
      hiredis (~> 0.5.0)

GIT
  remote: https://github.com/adityagodbole/gilmour.git
  revision: 5fc235d9806e2972f4d8b6b1b0319023687ec79b
  branch: next-master
  specs:
    gilmour (0.1.6)
      amqp
      gilmour-em-hiredis
      mash
      redis

GEM
  specs:
    amq-protocol (1.9.2)
    amqp (1.5.0)
      amq-protocol (>= 1.9.2)
      eventmachine
    eventmachine (1.0.7)
    eventmachine_httpserver (0.2.1)
    gilmour-em-hiredis (0.3.0)
      eventmachine (~> 1.0)
      hiredis (~> 0.5.0)
    hiredis (0.5.2)
    mash (0.1.1)
    redis (3.2.1)

PLATFORMS
  ruby

DEPENDENCIES
  em-hiredis!
  eventmachine_httpserver
  gilmour!

BUNDLED WITH
   1.10.2
