GEM
  remote: https://rubygems.org/
  specs:
    diff-lcs (1.2.5)
    eventmachine (1.0.8)
    eventmachine_httpserver (0.2.1)
    gilmour (0.4.7)
      gilmour-em-hiredis
      mash
      redis
    gilmour-em-hiredis (0.3.3)
      eventmachine (~> 1.0)
      hiredis (~> 0.5.0)
    given_core (3.7.1)
      sorcerer (>= 0.3.7)
    hiredis (0.5.2)
    json (1.8.3)
    mash (0.1.1)
    pagerduty (2.0.1)
      json (>= 1.7.7)
    redis (3.2.1)
    rspec (3.3.0)
      rspec-core (~> 3.3.0)
      rspec-expectations (~> 3.3.0)
      rspec-mocks (~> 3.3.0)
    rspec-core (3.3.2)
      rspec-support (~> 3.3.0)
    rspec-expectations (3.3.1)
      diff-lcs (>= 1.2.0, < 2.0)
      rspec-support (~> 3.3.0)
    rspec-given (3.7.1)
      given_core (= 3.7.1)
      rspec (>= 2.14.0)
    rspec-mocks (3.3.2)
      diff-lcs (>= 1.2.0, < 2.0)
      rspec-support (~> 3.3.0)
    rspec-support (3.3.0)
    sorcerer (1.0.2)
    trollop (2.1.2)

PLATFORMS
  ruby

DEPENDENCIES
  eventmachine_httpserver
  gilmour (~> 0.4.7)
  gilmour-em-hiredis (~> 0.3.1)
  pagerduty
  rspec (~> 3.0)
  rspec-given
  trollop

BUNDLED WITH
   1.10.6
